GEM
  remote: https://rubygems.org/
  specs:
    coderay (1.1.3)
    interception (0.5)
    json (1.8.6)
    method_source (1.0.0)
    mime-types (1.25.1)
    pry (0.14.1)
      coderay (~> 1.1)
      method_source (~> 1.0)
    pry-rescue (1.5.2)
      interception (>= 0.5)
      pry (>= 0.12.0)
    yomu (0.2.4)
      json (~> 1.8)
      mime-types (~> 1.23)

PLATFORMS
  ruby

DEPENDENCIES
  pry
  pry-rescue
  yomu

BUNDLED WITH
   2.1.4
